GEM
  remote: https://rubygems.org/
  specs:
    dbc-ruby (1.0.4)
      rest-client
    mime-types (2.3)
    rest-client (1.6.7)
      mime-types (>= 1.16)

PLATFORMS
  ruby

DEPENDENCIES
  dbc-ruby
